GEM
  remote: https://rubygems.org/
  specs:
    net-ping (1.7.8)
    slack-notifier (1.5.1)

PLATFORMS
  ruby

DEPENDENCIES
  net-ping
  slack-notifier

BUNDLED WITH
   1.11.2
